PATH
  remote: .
  specs:
    jira_automation (0.0.1)

GEM
  remote: https://rubygems.org/
  specs:
    coderay (1.1.2)
    dotenv (2.7.5)
    method_source (0.9.2)
    pry (0.12.2)
      coderay (~> 1.1.0)
      method_source (~> 0.9.0)

PLATFORMS
  ruby

DEPENDENCIES
  bundler
  dotenv
  jira_automation!
  pry

BUNDLED WITH
   2.1.4
